GEM
  remote: https://rubygems.org/
  specs:
    ast (2.4.1)
    parallel (1.19.2)
    parser (2.7.1.5)
      ast (~> 2.4.1)
    power_assert (1.2.0)
    rainbow (3.0.0)
    rake (13.0.1)
    regexp_parser (1.8.1)
    rexml (3.2.4)
    rubocop (0.92.0)
      parallel (~> 1.10)
      parser (>= 2.7.1.5)
      rainbow (>= 2.2.2, < 4.0)
      regexp_parser (>= 1.7)
      rexml
      rubocop-ast (>= 0.5.0)
      ruby-progressbar (~> 1.7)
      unicode-display_width (>= 1.4.0, < 2.0)
    rubocop-ast (0.7.1)
      parser (>= 2.7.1.5)
    ruby-progressbar (1.10.1)
    test-unit (3.3.6)
      power_assert
    unicode-display_width (1.7.0)
    yard (0.9.25)

PLATFORMS
  x64-mingw32

DEPENDENCIES
  rake
  rubocop
  test-unit
  yard

BUNDLED WITH
   2.1.4
